GEM
  specs:
    aasm (5.0.8)
      concurrent-ruby (~> 1.0)
    coderay (1.1.2)
    concurrent-ruby (1.1.6)
    equatable (0.6.1)
    method_source (0.9.2)
    pastel (0.7.4)
      equatable (~> 0.6)
      tty-color (~> 0.5)
    pry (0.12.2)
      coderay (~> 1.1.0)
      method_source (~> 0.9.0)
    tty-color (0.5.1)

PLATFORMS
  ruby

DEPENDENCIES
  aasm
  pastel
  pry

BUNDLED WITH
   1.17.2
